GEM
  remote: https://rubygems.org/
  specs:
    coderay (1.1.0)
    excon (0.33.0)
    fauxhai (2.1.2)
      net-ssh
      ohai
    ipaddress (0.8.0)
    method_source (0.8.2)
    mime-types (1.25.1)
    mixlib-cli (1.5.0)
    mixlib-config (2.1.0)
    mixlib-log (1.6.0)
    mixlib-shellout (1.4.0)
    net-ssh (2.9.1)
    ohai (7.0.4)
      ipaddress
      mime-types (~> 1.16)
      mixlib-cli
      mixlib-config (~> 2.0)
      mixlib-log
      mixlib-shellout (~> 1.2)
      systemu (~> 2.5.2)
      yajl-ruby
    pry (0.9.12.6)
      coderay (~> 1.0)
      method_source (~> 0.8)
      slop (~> 3.4)
    pry-doc (0.6.0)
      pry (~> 0.9)
      yard (~> 0.8)
    rake (10.1.0)
    slop (3.5.0)
    systemu (2.5.2)
    webster (0.5.0)
    yajl-ruby (1.2.0)
    yard (0.8.7.4)

PLATFORMS
  ruby

DEPENDENCIES
  excon
  fauxhai
  ohai
  pry
  pry-doc
  rake
  webster
